PATH
  remote: .
  specs:
    mr_version (0.0.1)

GEM
  remote: http://rubygems.org/
  specs:
    bacon (1.2.0)
    bones (3.8.0)
      little-plugger (~> 1.1.3)
      loquacious (~> 1.9.1)
      rake (>= 0.8.7)
    facon (0.5.0)
    little-plugger (1.1.3)
    loquacious (1.9.1)
    rake (10.0.3)

PLATFORMS
  ruby

DEPENDENCIES
  bacon
  bones
  bundler (~> 1.0)
  facon
  mr_version!
