PATH
  remote: .
  specs:
    mr_version (0.0.1)

GEM
  remote: http://rubygems.org/
  specs:
    ZenTest (4.8.3)
    autotest (4.4.6)
      ZenTest (>= 4.4.1)
    autotest-fsevent (0.2.8)
      sys-uname
    bacon (1.2.0)
    bones (3.8.0)
      little-plugger (~> 1.1.3)
      loquacious (~> 1.9.1)
      rake (>= 0.8.7)
    facon (0.5.0)
    ffi (1.3.1)
    little-plugger (1.1.3)
    loquacious (1.9.1)
    rake (10.0.3)
    simple_cov (0.2.0)
    sys-uname (0.9.1)
      ffi (>= 1.0.0)

PLATFORMS
  ruby

DEPENDENCIES
  autotest
  autotest-fsevent
  bacon
  bones
  bundler (~> 1.0)
  facon
  mr_version!
  simple_cov
